GEM
  remote: https://rubygems.org/
  specs:
    rpi_gpio (0.3.3)

PLATFORMS
  ruby

DEPENDENCIES
  rpi_gpio

BUNDLED WITH
   2.0.2
